GEM
  remote: http://rubygems.org/
  specs:
    RedCloth (4.2.3)
    builder (2.1.2)
    cucumber (0.8.5)
      builder (~> 2.1.2)
      diff-lcs (~> 1.1.2)
      gherkin (~> 2.1.4)
      json_pure (~> 1.4.3)
      term-ansicolor (~> 1.0.4)
    cucumber-rails (0.3.2)
      cucumber (>= 0.8.0)
    database_cleaner (0.5.2)
    diff-lcs (1.1.2)
    gherkin (2.1.5)
      trollop (~> 1.16.2)
    json_pure (1.4.6)
    nokogiri (1.4.4)
    rack (1.0.1)
    rack-test (0.5.6)
      rack (>= 1.0)
    radiant (0.8.2)
      RedCloth (>= 4.0.0)
      rack (>= 1.0.0)
      rake (>= 0.8.3)
    rake (0.8.7)
    rspec (1.3.1)
    rspec-rails (1.3.3)
      rack (>= 1.0.0)
      rspec (= 1.3.1)
    sqlite3-ruby (1.3.0)
    term-ansicolor (1.0.5)
    trollop (1.16.2)
    webrat (0.7.2)
      nokogiri (>= 1.2.0)
      rack (>= 1.0)
      rack-test (>= 0.5.3)
    will_paginate (2.3.14)

PLATFORMS
  ruby

DEPENDENCIES
  cucumber-rails
  database_cleaner
  rack (~> 1.0.0)
  radiant
  rspec (~> 1.3.1)
  rspec-rails (~> 1.3.3)
  sqlite3-ruby
  webrat
  will_paginate (~> 2.3.11)
